GIT
  remote: https://github.com/devvmh-forks/mina.git
  revision: b308879c9a446e627b353eadcc532464d2ffc7b7
  branch: fix/rvm-path
  specs:
    mina (1.0.0.beta2)
      open4 (~> 1.3.4)
      rake

PATH
  remote: .
  specs:
    mina-sidekiq (1.0.0)
      mina

GEM
  remote: https://www.rubygems.org/
  specs:
    byebug (9.0.5)
    coderay (1.1.1)
    method_source (0.8.2)
    minitest (5.9.0)
    open4 (1.3.4)
    pry (0.10.4)
      coderay (~> 1.1.0)
      method_source (~> 0.8.1)
      slop (~> 3.4)
    pry-byebug (3.4.0)
      byebug (~> 9.0)
      pry (~> 0.10)
    rake (11.2.2)
    slop (3.6.0)

PLATFORMS
  ruby

DEPENDENCIES
  mina!
  mina-sidekiq!
  minitest
  pry-byebug

BUNDLED WITH
   1.12.5
